GEM
  remote: https://rubygems.org/
  specs:
    mini_magick (4.7.0)
    ruby-progressbar (1.8.1)

PLATFORMS
  ruby

DEPENDENCIES
  mini_magick
  ruby-progressbar

BUNDLED WITH
   1.14.6
